GEM
  remote: http://rubygems.org/
  specs:
    activemodel (3.1.0)
      activesupport (= 3.1.0)
      bcrypt-ruby (~> 3.0.0)
      builder (~> 3.0.0)
      i18n (~> 0.6)
    activerecord (3.1.0)
      activemodel (= 3.1.0)
      activesupport (= 3.1.0)
      arel (~> 2.2.1)
      tzinfo (~> 0.3.29)
    activerecord-jdbc-adapter (1.1.3)
    activesupport (3.1.0)
      multi_json (~> 1.0)
    arel (2.2.1)
    bcrypt-ruby (3.0.0-java)
    bouncy-castle-java (1.5.0146.1)
    builder (3.0.0)
    childprocess (0.2.2)
      ffi (~> 1.0.6)
    color (1.4.1)
    columnize (0.3.4)
    cucumber (1.0.3)
      builder (>= 2.1.2)
      diff-lcs (>= 1.1.2)
      gherkin (~> 2.4.18)
      json (>= 1.4.6)
      term-ansicolor (>= 1.0.6)
    diff-lcs (1.1.3)
    ffi (1.0.9-java)
    gherkin (2.4.18-java)
      json (>= 1.4.6)
    i18n (0.6.0)
    jruby-openssl (0.7.4)
      bouncy-castle-java
    json (1.5.4-java)
    json_pure (1.5.4)
      spruz (~> 0.2.8)
    multi_json (1.0.3)
    rack (1.3.2)
    rest-open-uri (1.0.0)
    rspec (2.6.0)
      rspec-core (~> 2.6.0)
      rspec-expectations (~> 2.6.0)
      rspec-mocks (~> 2.6.0)
    rspec-core (2.6.4)
    rspec-expectations (2.6.0)
      diff-lcs (~> 1.1.2)
    rspec-mocks (2.6.0)
    ruby-debug (0.10.4)
      columnize (>= 0.1)
      ruby-debug-base (~> 0.10.4.0)
    ruby-debug-base (0.10.4-java)
    rubyzip (0.9.4)
    selenium-webdriver (2.5.0)
      childprocess (>= 0.2.1)
      ffi (>= 1.0.7)
      json_pure
      rubyzip
    spruz (0.2.13)
    term-ansicolor (1.0.6)
    tzinfo (0.3.29)
    watir-webdriver (0.3.3)
      selenium-webdriver (>= 0.2.2)

PLATFORMS
  java

DEPENDENCIES
  activerecord (= 3.1.0)
  activerecord-jdbc-adapter (= 1.1.3)
  arel (= 2.2.1)
  bundler (= 1.0.18)
  color (= 1.4.1)
  cucumber (= 1.0.3)
  i18n (= 0.6.0)
  jruby-openssl (= 0.7.4)
  rack (= 1.3.2)
  rest-open-uri (= 1.0.0)
  rspec (= 2.6.0)
  ruby-debug (= 0.10.4)
  watir-webdriver (= 0.3.3)
